GEM
  remote: https://rubygems.org/
  specs:
    rollbar (2.24.0)

PLATFORMS
  ruby

DEPENDENCIES
  rollbar

BUNDLED WITH
   2.1.4
